GEM
  remote: https://rubygems.org/
  specs:
    rake (10.1.0)
    rmagick (2.13.2)

PLATFORMS
  ruby

DEPENDENCIES
  rake (>= 10.1.0)
  rmagick (>= 2.13.1)

RUBY VERSION
   ruby 2.3.0p0

BUNDLED WITH
   1.12.5
